GIT
  remote: git://github.com/igrigorik/em-http-request.git
  revision: 1f298bfc7eafae7ab3ebcb5b5a890d19a62e8d4b
  ref: 1f298bfc7eafae7ab3ebcb5b5a890d19a62e8d4b
  specs:
    em-http-request (1.0.2)
      addressable (>= 2.2.3)
      cookiejar
      em-socksify
      eventmachine (>= 1.0.0.beta.4)
      http_parser.rb (>= 0.5.3)

GIT
  remote: git://github.com/mutru/em-eventsource.git
  revision: 1ba49a948cc3530fdeb73941591707c1bec70a97
  ref: 1ba49a948cc3530fdeb73941591707c1bec70a97
  specs:
    em-eventsource (0.1.7)
      em-http-request (~> 1.0.0)
      eventmachine (~> 1.0.0.beta3)

GEM
  remote: http://rubygems.org/
  specs:
    addressable (2.2.7)
    cinch (1.1.3)
    cookiejar (0.3.0)
    crack (0.3.1)
    diff-lcs (1.1.3)
    em-socksify (0.2.0)
      eventmachine (>= 1.0.0.beta.4)
    eventmachine (1.0.0.beta.4)
    foreman (0.41.0)
      thor (>= 0.13.6)
    http_parser.rb (0.5.3)
    multi_json (1.2.0)
    rspec (2.9.0)
      rspec-core (~> 2.9.0)
      rspec-expectations (~> 2.9.0)
      rspec-mocks (~> 2.9.0)
    rspec-core (2.9.0)
    rspec-expectations (2.9.0)
      diff-lcs (~> 1.1.3)
    rspec-mocks (2.9.0)
    thor (0.14.6)
    webmock (1.8.5)
      addressable (>= 2.2.7)
      crack (>= 0.1.7)
    yajl-ruby (1.1.0)

PLATFORMS
  ruby

DEPENDENCIES
  cinch (~> 1.1.3)
  em-eventsource!
  em-http-request!
  foreman
  multi_json
  rspec
  webmock
  yajl-ruby
